PATH
  remote: .
  specs:
    coaster (0.5.2)
      activesupport (>= 3.0, < 8.0)
      attr_extras (~> 5.2)
      i18n (~> 0.6)
      rake (>= 10.0, < 20.0)

GEM
  remote: http://rubygems.org/
  specs:
    activesupport (3.2.22)
      i18n (~> 0.6, >= 0.6.4)
      multi_json (~> 1.0)
    attr_extras (5.2.0)
    binding_of_caller (0.7.2)
      debug_inspector (>= 0.0.1)
    byebug (8.2.1)
    coderay (1.1.0)
    debug_inspector (0.0.2)
    i18n (0.7.0)
    metaclass (0.0.4)
    method_source (0.8.2)
    minitest (5.8.3)
    mocha (1.1.0)
      metaclass (~> 0.0.1)
    multi_json (1.11.2)
    pry (0.10.3)
      coderay (~> 1.1.0)
      method_source (~> 0.8.1)
      slop (~> 3.4)
    pry-byebug (3.3.0)
      byebug (~> 8.0)
      pry (~> 0.10)
    pry-stack_explorer (0.4.9.2)
      binding_of_caller (>= 0.7)
      pry (>= 0.9.11)
    rake (12.3.1)
    shoulda (3.5.0)
      shoulda-context (~> 1.0, >= 1.0.1)
      shoulda-matchers (>= 1.4.1, < 3.0)
    shoulda-context (1.2.1)
    shoulda-matchers (2.8.0)
      activesupport (>= 3.0.0)
    slop (3.6.0)

PLATFORMS
  ruby

DEPENDENCIES
  bundler (~> 1.12)
  coaster!
  minitest (~> 5.0)
  mocha (~> 1.0)
  pry (~> 0.8)
  pry-byebug (~> 3.0)
  pry-stack_explorer (~> 0.4)
  shoulda (~> 3.0)
  shoulda-context (~> 1.0)

BUNDLED WITH
   1.16.1
